GEM
  remote: https://rubygems.org/
  specs:
    activemodel (4.1.0)
      activesupport (= 4.1.0)
      builder (~> 3.1)
    activerecord (4.1.0)
      activemodel (= 4.1.0)
      activesupport (= 4.1.0)
      arel (~> 5.0.0)
    activesupport (4.1.0)
      i18n (~> 0.6, >= 0.6.9)
      json (~> 1.7, >= 1.7.7)
      minitest (~> 5.1)
      thread_safe (~> 0.1)
      tzinfo (~> 1.1)
    arel (5.0.0)
    builder (3.2.2)
    chronic (0.10.2)
    eventmachine (1.0.3)
    i18n (0.6.9)
    json (1.8.1)
    minitest (5.3.2)
    moji (1.6)
    mysql2 (0.3.15)
    thor (0.19.1)
    thread_safe (0.3.3)
    tzinfo (1.1.0)
      thread_safe (~> 0.1)
    whenever (0.9.2)
      activesupport (>= 2.3.4)
      chronic (>= 0.6.3)

PLATFORMS
  ruby

DEPENDENCIES
  activerecord
  activesupport
  eventmachine
  moji
  mysql2
  thor
  whenever
